GEM
  remote: http://rubygems.org/
  specs:
    bson (1.9.2)
    daemons (1.1.9)
    em-mongo (0.4.3)
      bson (>= 1.1.3)
      eventmachine (>= 0.12.10)
    em-websocket (0.5.0)
      eventmachine (>= 0.12.9)
      http_parser.rb (~> 0.5.3)
    eventmachine (1.0.3)
    http_parser.rb (0.5.3)
    json (1.8.0)
    mongo (1.9.2)
      bson (~> 1.9.2)
    oauth (0.4.7)

PLATFORMS
  ruby

DEPENDENCIES
  daemons
  em-mongo
  em-websocket
  json
  mongo
  oauth
